GEM
  remote: https://rubygems.org/
  specs:
    bigdecimal (3.1.9)
    csv (3.3.2)
    ffi (1.17.1-x64-mingw-ucrt)
    httparty (0.22.0)
      csv
      mini_mime (>= 1.0.0)
      multi_xml (>= 0.5.2)
    mini_mime (1.1.5)
    multi_xml (0.7.1)
      bigdecimal (~> 3.1)

PLATFORMS
  x64-mingw-ucrt

DEPENDENCIES
  ffi (~> 1.17)
  httparty (~> 0.22.0)

BUNDLED WITH
   2.4.19
